GEM
  remote: http://rubygems.org/
  specs:
    kindleclippings (1.3.0)
    mustache (0.99.4)

PLATFORMS
  java
  ruby

DEPENDENCIES
  kindleclippings (~> 1.3.0)
  mustache
